GEM
  remote: https://ruby.taobao.org/
  specs:
    bson (1.12.1)
    bson_ext (1.12.1)
      bson (~> 1.12.1)
    ip (0.3.1)
    mongo (1.12.1)
      bson (= 1.12.1)
    rack (1.6.1)
    rack-protection (1.5.3)
      rack
    sinatra (1.4.6)
      rack (~> 1.4)
      rack-protection (~> 1.4)
      tilt (>= 1.3, < 3)
    tilt (2.0.1)

PLATFORMS
  ruby

DEPENDENCIES
  bson_ext
  ip
  mongo
  sinatra
