GEM
  remote: https://ruby.taobao.org/
  specs:
    bson (1.12.1)
    bson_ext (1.12.1)
      bson (~> 1.12.1)
    celluloid (0.16.0)
      timers (~> 4.0.0)
    ffi (1.9.8)
    haml (4.0.6)
      tilt
    hitimes (1.2.2)
    ip (0.3.1)
    listen (2.10.0)
      celluloid (~> 0.16.0)
      rb-fsevent (>= 0.9.3)
      rb-inotify (>= 0.9)
    mongo (1.12.1)
      bson (= 1.12.1)
    rack (1.6.1)
    rack-protection (1.5.3)
      rack
    rb-fsevent (0.9.4)
    rb-inotify (0.9.5)
      ffi (>= 0.5.0)
    rerun (0.10.0)
      listen (~> 2.7, >= 2.7.3)
    sinatra (1.4.6)
      rack (~> 1.4)
      rack-protection (~> 1.4)
      tilt (>= 1.3, < 3)
    tilt (2.0.1)
    timers (4.0.1)
      hitimes

PLATFORMS
  ruby

DEPENDENCIES
  bson_ext
  haml
  ip
  mongo
  rerun
  sinatra
